GIT
  remote: http://github.com/railsjedi/guard-pusher.git
  revision: 6641d4ff6a753eb68f2ea82af776eb34a7f014aa
  specs:
    guard-pusher (0.0.1)
      guard (>= 0.3)
      pusher (>= 0.8)

GIT
  remote: http://github.com/railsjedi/rack-force_domain.git
  revision: 9d43e6f84fd336cb99ae6e6969d4d872329ea1da
  specs:
    rack-force_domain (0.1.1)

GIT
  remote: https://github.com/Sutto/barista.git
  revision: e47952afb7007dac36d461d9a972b759223c8da2
  specs:
    barista (1.0.0)
      coffee-script (~> 2.1)

GIT
  remote: https://github.com/padrino/padrino-framework.git
  revision: 260e05bd7b33bfc775c3760e31de95da775b2579
  specs:
    padrino (0.9.23)
      padrino-admin (= 0.9.23)
      padrino-cache (= 0.9.23)
      padrino-core (= 0.9.23)
      padrino-gen (= 0.9.23)
      padrino-helpers (= 0.9.23)
      padrino-mailer (= 0.9.23)
    padrino-admin (0.9.23)
      padrino-core (= 0.9.23)
      padrino-helpers (= 0.9.23)
    padrino-cache (0.9.23)
      padrino-core (= 0.9.23)
    padrino-core (0.9.23)
      activesupport (>= 3.0.0)
      http_router (~> 0.6.9)
      sinatra (~> 1.2.3)
      thor (>= 0.14.3)
      tzinfo
    padrino-gen (0.9.23)
      bundler (>= 1.0.2)
      grit
      padrino-core (= 0.9.23)
    padrino-helpers (0.9.23)
      i18n (>= 0.4.1)
      padrino-core (= 0.9.23)
    padrino-mailer (0.9.23)
      mail (>= 2.2.0)
      padrino-core (= 0.9.23)

GEM
  remote: http://rubygems.org/
  specs:
    POpen4 (0.1.4)
      Platform (>= 0.4.0)
      open4
    Platform (0.4.0)
    ZenTest (4.5.0)
    activemodel (3.0.6)
      activesupport (= 3.0.6)
      builder (~> 2.1.2)
      i18n (~> 0.5.0)
    activesupport (3.0.6)
    addressable (2.2.5)
    archive-tar-minitar (0.5.2)
    autotest (4.4.6)
      ZenTest (>= 4.4.1)
    bson (1.2.1)
    bson_ext (1.2.1)
    builder (2.1.2)
    capybara (0.4.1.2)
      celerity (>= 0.7.9)
      culerity (>= 0.2.4)
      mime-types (>= 1.16)
      nokogiri (>= 1.3.3)
      rack (>= 1.0.0)
      rack-test (>= 0.5.4)
      selenium-webdriver (>= 0.0.27)
      xpath (~> 0.1.3)
    celerity (0.8.9)
    childprocess (0.1.8)
      ffi (~> 1.0.6)
    chunky_png (1.1.0)
    closure-compiler (1.1.1)
    coffee-script (2.2.0)
      coffee-script-source
      execjs
    coffee-script-source (1.0.1)
    columnize (0.3.2)
    compass (0.11.beta.7)
      chunky_png (~> 1.1.0)
      sass (>= 3.1.0.alpha.249)
    crack (0.1.8)
    culerity (0.2.15)
    daemons (1.1.2)
    diff-lcs (1.1.2)
    eventmachine (0.12.10)
    execjs (0.2.0)
    ffaker (1.5.0)
    ffi (1.0.7)
      rake (>= 0.8.7)
    grit (2.4.1)
      diff-lcs (~> 1.1)
      mime-types (~> 1.15)
    growl (1.0.3)
    guard (0.3.1)
      thor (~> 0.14.6)
    guard-coffeescript (0.2.0)
      coffee-script (~> 2.2.0)
      guard (~> 0.3.0)
    guard-compass (0.0.6)
      compass (>= 0.10.5)
      guard (>= 0.2.1)
    haml (3.1.0.alpha.147)
    heroku (1.20.1)
      launchy (~> 0.3.2)
      rest-client (< 1.7.0, >= 1.4.0)
    heroku-rails (0.3.1)
      heroku (>= 1.11.0)
    http_router (0.6.9)
      rack (>= 1.0.0)
      url_mount (~> 0.2.1)
    i18n (0.5.0)
    jammit (0.6.0)
      closure-compiler (>= 0.1.0)
      yui-compressor (>= 0.9.1)
    jammit-s3 (0.6.0.2)
      jammit (>= 0.5.4)
      mimemagic (>= 0.1.7)
      s3 (>= 0.3.7)
    jammit-sinatra (0.6.0.1)
      jammit (>= 0.6.0)
    json (1.4.6)
    json_pure (1.5.1)
    launchy (0.3.2)
    linecache19 (0.5.12)
      ruby_core_source (>= 0.1.4)
    mail (2.2.16)
      activesupport (>= 2.3.6)
      i18n (>= 0.4.0)
      mime-types (~> 1.16)
      treetop (~> 1.4.8)
    mime-types (1.16)
    mimemagic (0.1.8)
    mongo (1.2.0)
      bson (>= 1.2.0)
    mongoid (2.0.0)
      activemodel (~> 3.0)
      mongo (~> 1.2)
      tzinfo (~> 0.3.22)
      will_paginate (~> 3.0.pre)
    nokogiri (1.4.4)
    open4 (1.0.1)
    polyglot (0.3.1)
    proxies (0.2.1)
    pusher (0.8.0)
      crack (~> 0.1.0)
      json (~> 1.4.0)
      ruby-hmac (~> 0.4.0)
      signature (~> 0.1.2)
    rabl (0.1.0)
    rack (1.2.2)
    rack-debug (2.0.0)
      rack (>= 1.0)
      ruby-debug19 (~> 0.11.6)
    rack-flash (0.1.1)
      rack
    rack-test (0.5.7)
      rack (>= 1.0)
    rails_config (0.2.3)
      activesupport (~> 3.0)
    rake (0.8.7)
    remarkable (4.0.0.alpha4)
      rspec (>= 2.0.0.alpha11)
    remarkable_activemodel (4.0.0.alpha4)
      remarkable (~> 4.0.0.alpha4)
      rspec (>= 2.0.0.alpha11)
    remarkable_mongoid (0.6.0)
      remarkable_activemodel (~> 4.0.0.alpha4)
    rest-client (1.6.1)
      mime-types (>= 1.16)
    rspec (2.5.0)
      rspec-core (~> 2.5.0)
      rspec-expectations (~> 2.5.0)
      rspec-mocks (~> 2.5.0)
    rspec-core (2.5.1)
    rspec-expectations (2.5.0)
      diff-lcs (~> 1.1.2)
    rspec-mocks (2.5.0)
    ruby-debug-base19 (0.11.25)
      columnize (>= 0.3.1)
      linecache19 (>= 0.5.11)
      ruby_core_source (>= 0.1.4)
    ruby-debug19 (0.11.6)
      columnize (>= 0.3.1)
      linecache19 (>= 0.5.11)
      ruby-debug-base19 (>= 0.11.19)
    ruby-hmac (0.4.0)
    ruby_core_source (0.1.5)
      archive-tar-minitar (>= 0.5.2)
    rubyzip (0.9.4)
    s3 (0.3.8)
      proxies (~> 0.2.0)
    sass (3.1.0.alpha.253)
    selenium-webdriver (0.1.4)
      childprocess (>= 0.1.7)
      ffi (>= 1.0.7)
      json_pure
      rubyzip
    signature (0.1.2)
      ruby-hmac
    sinatra (1.2.3)
      rack (~> 1.1)
      tilt (< 2.0, >= 1.2.2)
    therubyracer-heroku (0.8.1.pre3)
    thin (1.2.11)
      daemons (>= 1.0.9)
      eventmachine (>= 0.12.6)
      rack (>= 1.0.0)
    thor (0.14.6)
    tilt (1.2.2)
    treetop (1.4.9)
      polyglot (>= 0.3.1)
    tzinfo (0.3.26)
    url_mount (0.2.1)
      rack
    vcr (1.9.0)
    webmock (1.6.2)
      addressable (>= 2.2.2)
      crack (>= 0.1.7)
    webrat (0.7.3)
      nokogiri (>= 1.2.0)
      rack (>= 1.0)
      rack-test (>= 0.5.3)
    will_paginate (3.0.pre2)
    xpath (0.1.3)
      nokogiri (~> 1.3)
    yui-compressor (0.9.6)
      POpen4 (>= 0.1.4)

PLATFORMS
  ruby

DEPENDENCIES
  autotest
  barista!
  bson (= 1.2.1)
  bson_ext (= 1.2.1)
  capybara
  coffee-script
  compass (>= 0.11.beta.7)
  ffaker
  growl
  guard
  guard-coffeescript
  guard-compass
  guard-pusher!
  haml (>= 3.1.0.alpha.147)
  heroku-rails (>= 0.3.1)
  jammit-s3 (>= 0.6.0)
  jammit-sinatra (>= 0.6.0)
  launchy (= 0.3.2)
  mongo (= 1.2)
  mongoid (>= 2.0.0)
  open4
  padrino!
  pusher
  rabl
  rack-debug
  rack-flash
  rack-force_domain!
  rack-test
  rails_config (>= 0.2.3)
  rake
  remarkable_mongoid
  rspec (>= 2.5.0)
  ruby-debug19
  s3 (>= 0.3.7)
  sass (>= 3.1.0.alpha.253)
  therubyracer-heroku
  thin
  vcr
  webmock
  webrat
